GEM
  remote: https://rubygems.org/
  specs:
    firebase (0.2.4)
      httpclient
      json
    foreman (0.78.0)
      thor (~> 0.19.1)
    httpclient (2.6.0.1)
    json (1.8.3)
    mustermann (1.1.1)
      ruby2_keywords (~> 0.0.1)
    rack (2.2.3)
    rack-protection (2.2.0)
      rack
    ruby2_keywords (0.0.5)
    sinatra (2.2.0)
      mustermann (~> 1.0)
      rack (~> 2.2)
      rack-protection (= 2.2.0)
      tilt (~> 2.0)
    thor (0.19.1)
    tilt (2.0.10)

PLATFORMS
  ruby

DEPENDENCIES
  firebase
  foreman
  sinatra
