GEM
  remote: https://rubygems.org/
  specs:
    firebase (0.2.4)
      httpclient
      json
    foreman (0.78.0)
      thor (~> 0.19.1)
    httpclient (2.6.0.1)
    json (1.8.3)
    rack (1.6.13)
    rack-protection (1.5.3)
      rack
    sinatra (1.4.6)
      rack (~> 1.4)
      rack-protection (~> 1.4)
      tilt (>= 1.3, < 3)
    thor (0.19.1)
    tilt (2.0.1)

PLATFORMS
  ruby

DEPENDENCIES
  firebase
  foreman
  sinatra
